GEM
  remote: https://rubygems.org/
  specs:
    activemodel (7.0.4.3)
      activesupport (= 7.0.4.3)
    activesupport (7.0.4.3)
      concurrent-ruby (~> 1.0, >= 1.0.2)
      i18n (>= 1.6, < 2)
      minitest (>= 5.1)
      tzinfo (~> 2.0)
    addressable (2.8.3)
      public_suffix (>= 2.0.2, < 6.0)
    ast (2.4.2)
    athens (0.4.0)
      aws-sdk-athena (~> 1)
      multi_json (~> 1.0)
    aws-eventstream (1.2.0)
    aws-partitions (1.733.0)
    aws-sdk-athena (1.62.0)
      aws-sdk-core (~> 3, >= 3.165.0)
      aws-sigv4 (~> 1.1)
    aws-sdk-core (3.171.0)
      aws-eventstream (~> 1, >= 1.0.2)
      aws-partitions (~> 1, >= 1.651.0)
      aws-sigv4 (~> 1.5)
      jmespath (~> 1, >= 1.6.1)
    aws-sigv4 (1.5.2)
      aws-eventstream (~> 1, >= 1.0.2)
    colorize (0.8.1)
    concurrent-ruby (1.2.2)
    diff-lcs (1.4.4)
    dotenv (3.1.2)
    faraday (2.7.4)
      faraday-net_http (>= 2.0, < 3.1)
      ruby2_keywords (>= 0.0.4)
    faraday-net_http (3.0.2)
    hashie (5.0.0)
    highline (2.1.0)
    httparty (0.21.0)
      mini_mime (>= 1.0.0)
      multi_xml (>= 0.5.2)
    i18n (1.12.0)
      concurrent-ruby (~> 1.0)
    jmespath (1.6.2)
    json (2.6.3)
    mini_mime (1.1.2)
    minitest (5.18.0)
    multi_json (1.15.0)
    multi_xml (0.6.0)
    nokogiri (1.14.2-arm64-darwin)
      racc (~> 1.4)
    oauth (1.1.0)
      oauth-tty (~> 1.0, >= 1.0.1)
      snaky_hash (~> 2.0)
      version_gem (~> 1.1)
    oauth-tty (1.0.5)
      version_gem (~> 1.1, >= 1.1.1)
    parallel (1.22.1)
    parser (3.2.1.1)
      ast (~> 2.4.1)
    public_suffix (5.0.1)
    racc (1.6.2)
    rainbow (3.1.1)
    regexp_parser (2.7.0)
    rexml (3.2.5)
    rspec (3.10.0)
      rspec-core (~> 3.10.0)
      rspec-expectations (~> 3.10.0)
      rspec-mocks (~> 3.10.0)
    rspec-core (3.10.0)
      rspec-support (~> 3.10.0)
    rspec-expectations (3.10.0)
      diff-lcs (>= 1.2.0, < 2.0)
      rspec-support (~> 3.10.0)
    rspec-mocks (3.10.0)
      diff-lcs (>= 1.2.0, < 2.0)
      rspec-support (~> 3.10.0)
    rspec-support (3.10.0)
    rubocop (1.48.1)
      json (~> 2.3)
      parallel (~> 1.10)
      parser (>= 3.2.0.0)
      rainbow (>= 2.2.2, < 4.0)
      regexp_parser (>= 1.8, < 3.0)
      rexml (>= 3.2.5, < 4.0)
      rubocop-ast (>= 1.26.0, < 2.0)
      ruby-progressbar (~> 1.7)
      unicode-display_width (>= 2.4.0, < 3.0)
    rubocop-ast (1.28.0)
      parser (>= 3.2.1.0)
    ruby-progressbar (1.13.0)
    ruby-trello (4.0.0)
      activemodel (>= 6.0.0)
      addressable (~> 2.3)
      faraday (~> 2.0)
      json (>= 2.3.0)
      oauth (>= 0.4.5)
    ruby2_keywords (0.0.5)
    snaky_hash (2.0.1)
      hashie
      version_gem (~> 1.1, >= 1.1.1)
    tzinfo (2.0.6)
      concurrent-ruby (~> 1.0)
    unicode-display_width (2.4.2)
    version_gem (1.1.2)

PLATFORMS
  arm64-darwin-22
  arm64-darwin-23

DEPENDENCIES
  athens
  colorize
  dotenv
  faraday
  highline
  httparty
  nokogiri
  rspec
  rubocop
  ruby-trello (~> 4.0)

BUNDLED WITH
   2.3.26
